GEM
  remote: https://rubygems.org/
  specs:
    awesome_print (1.9.2)
    coderay (1.1.3)
    method_source (1.0.0)
    nokogiri (1.13.7-x86_64-linux)
      racc (~> 1.4)
    numpy (0.4.0)
      pycall (>= 1.2.0.beta1)
    pry (0.14.1)
      coderay (~> 1.1)
      method_source (~> 1.0)
    pycall (1.4.1)
    racc (1.6.0)
    thread (0.2.2)

PLATFORMS
  x86_64-linux

DEPENDENCIES
  awesome_print
  nokogiri
  numpy
  pry
  pycall
  thread

BUNDLED WITH
   2.3.7
